PATH
  remote: .
  specs:
    mochilo (2.0)

GEM
  remote: https://rubygems.org/
  specs:
    coderay (1.0.9)
    method_source (0.8.1)
    minitest (5.0.6)
    msgpack (0.5.5)
    pry (0.9.12.2)
      coderay (~> 1.0.5)
      method_source (~> 0.8)
      slop (~> 3.4)
    rake (10.1.0)
    rake-compiler (0.8.3)
      rake
    slop (3.4.5)

PLATFORMS
  ruby

DEPENDENCIES
  minitest (>= 4.1.0)
  mochilo!
  msgpack
  pry
  rake-compiler (>= 0.8.1)
