PATH
  remote: .
  specs:
    mochilo (1.3.0)

GEM
  remote: https://rubygems.org/
  specs:
    coderay (1.1.3)
    method_source (1.0.0)
    minitest (5.19.0)
    msgpack (1.7.2)
    pry (0.14.2)
      coderay (~> 1.1)
      method_source (~> 1.0)
    rake (13.0.6)
    rake-compiler (1.2.5)
      rake

PLATFORMS
  ruby

DEPENDENCIES
  minitest (>= 4.1.0)
  mochilo!
  msgpack
  pry
  rake-compiler (>= 0.8.1)

BUNDLED WITH
   2.4.15
